PATH
  remote: .
  specs:
    hypercharge-schema (1.24.2)
      json-schema (~> 1.1.1)

GEM
  remote: https://rubygems.org/
  specs:
    ansi (1.4.3)
    columnize (0.3.6)
    debugger (1.6.0)
      columnize (>= 0.3.1)
      debugger-linecache (~> 1.2.0)
      debugger-ruby_core_source (~> 1.2.1)
    debugger-linecache (1.2.0)
    debugger-ruby_core_source (1.2.2)
    json (1.8.0)
    json-schema (1.1.1)
    minitest (5.0.4)
    turn (0.9.6)
      ansi

PLATFORMS
  ruby

DEPENDENCIES
  bundler (~> 1.3)
  debugger
  hypercharge-schema!
  json
  minitest (~> 5.0.4)
  turn
